GIT
  remote: git://github.com/sxross/MotionModel.git
  revision: 8a8fd2a6b48ace13db8f8cebec0b6d06a018d661
  specs:
    motion_model (0.4.4)
      bubble-wrap (= 1.3.0.osx)
      motion-support (>= 0.1.0)

GEM
  remote: https://rubygems.org/
  specs:
    activesupport (3.2.13)
      i18n (= 0.6.1)
      multi_json (~> 1.0)
    bubble-wrap (1.3.0.osx)
    colored (1.2)
    i18n (0.6.1)
    ib (0.3.0)
      thor (>= 0.15.4)
      xcodeproj (>= 0.4.1)
    motion-require (0.0.6)
    motion-support (0.2.4)
      motion-require (>= 0.0.6)
    multi_json (1.7.3)
    thor (0.18.1)
    xcodeproj (0.5.5)
      activesupport (~> 3.2.13)
      colored (~> 1.2)

PLATFORMS
  ruby

DEPENDENCIES
  ib
  motion_model (= 0.4.4)!
